GEM
  remote: http://rubygems.org/
  specs:
    SystemTimer (1.2.3)
    fastercsv (1.5.4)
    highline (1.6.15)
    minitest (2.12.1)
    minitest-colorize (0.0.4)
      minitest (~> 2.0)
    nokogiri (1.5.2)
    redis (3.0.1)
    sanitize (2.0.3)
      nokogiri (>= 1.4.4, < 1.6)
    trollop (2.0)

PLATFORMS
  ruby

DEPENDENCIES
  SystemTimer
  fastercsv
  highline
  minitest
  minitest-colorize
  nokogiri
  redis
  sanitize
  trollop
